GIT
  remote: https://github.com/smallhadroncollider/capistrano-laravel.git
  revision: b11e9325443ed7b402c19171d3d234375553ca0d
  specs:
    capistrano-laravel (0.0.3)
      capistrano (>= 3.4.0)

GEM
  remote: https://rubygems.org/
  specs:
    airbrussh (1.3.0)
      sshkit (>= 1.6.1, != 1.7.0)
    capistrano (3.9.0)
      airbrussh (>= 1.0.0)
      i18n
      rake (>= 10.0.0)
      sshkit (>= 1.9.0)
    capistrano-composer (0.0.6)
      capistrano (>= 3.0.0.pre)
    i18n (0.8.6)
    net-scp (1.2.1)
      net-ssh (>= 2.6.5)
    net-ssh (4.1.0)
    rake (12.0.0)
    sshkit (1.14.0)
      net-scp (>= 1.1.2)
      net-ssh (>= 2.8.0)

PLATFORMS
  ruby

DEPENDENCIES
  capistrano-composer
  capistrano-laravel (>= 0.0.3)!

BUNDLED WITH
   1.14.6
